GEM
  remote: https://rubygems.org/
  specs:
    libxml-ruby (2.8.0)
    puma (2.13.4)
    rack (1.6.4)
    rack-protection (1.5.3)
      rack
    sinatra (1.4.6)
      rack (~> 1.4)
      rack-protection (~> 1.4)
      tilt (>= 1.3, < 3)
    tilt (2.0.1)

PLATFORMS
  ruby

DEPENDENCIES
  libxml-ruby
  puma
  sinatra
